PATH
  remote: .
  specs:
    purplish-frame (0.0.1)

GEM
  remote: https://rubygems.org/
  specs:

PLATFORMS
  ruby

DEPENDENCIES
  purplish-frame!
